GEM
  remote: https://rubygems.org/
  specs:
    dotenv (2.8.1)
    mysql2 (0.5.5)

PLATFORMS
  arm64-darwin-21

DEPENDENCIES
  dotenv (~> 2.8)
  mysql2 (~> 0.5.5)

BUNDLED WITH
   2.2.3
